GEM
  remote: https://rubygems.org/
  specs:
    diff-lcs (1.2.5)
    rake (11.3.0)
    rspec (3.5.0)
      rspec-core (~> 3.5.0)
      rspec-expectations (~> 3.5.0)
      rspec-mocks (~> 3.5.0)
    rspec-core (3.5.4)
      rspec-support (~> 3.5.0)
    rspec-expectations (3.5.0)
      diff-lcs (>= 1.2.0, < 2.0)
      rspec-support (~> 3.5.0)
    rspec-mocks (3.5.0)
      diff-lcs (>= 1.2.0, < 2.0)
      rspec-support (~> 3.5.0)
    rspec-support (3.5.0)
    ruby-protocol-buffers (1.6.1)
    varint (0.1.1)

PLATFORMS
  ruby

DEPENDENCIES
  rake
  rspec
  ruby-protocol-buffers
  varint

BUNDLED WITH
   1.11.2
